GEM
  remote: https://rubygems.org/
  specs:
    rack (1.6.11)

PLATFORMS
  ruby

DEPENDENCIES
  rack (= 1.6.11)

BUNDLED WITH
   1.17.2
